PATH
  remote: .
  specs:
    address_composer (1.0.1)
      mustache (>= 1.1)

GEM
  remote: https://rubygems.org/
  specs:
    debug (1.9.2)
      irb (~> 1.10)
      reline (>= 0.3.8)
    diff-lcs (1.4.4)
    io-console (0.7.2)
    irb (1.14.1)
      rdoc (>= 4.0.0)
      reline (>= 0.4.2)
    mustache (1.1.1)
    psych (5.2.0)
      stringio
    rake (13.0.6)
    rdoc (6.7.0)
      psych (>= 4.0.0)
    reline (0.5.11)
      io-console (~> 0.5)
    rspec (3.10.0)
      rspec-core (~> 3.10.0)
      rspec-expectations (~> 3.10.0)
      rspec-mocks (~> 3.10.0)
    rspec-core (3.10.1)
      rspec-support (~> 3.10.0)
    rspec-expectations (3.10.1)
      diff-lcs (>= 1.2.0, < 2.0)
      rspec-support (~> 3.10.0)
    rspec-mocks (3.10.2)
      diff-lcs (>= 1.2.0, < 2.0)
      rspec-support (~> 3.10.0)
    rspec-support (3.10.2)
    stringio (3.1.2)

PLATFORMS
  ruby
  x86_64-darwin-20

DEPENDENCIES
  address_composer!
  bundler (>= 2.2)
  debug (>= 1.9)
  rake (>= 13.0)
  rspec (>= 3.10)

BUNDLED WITH
   2.2.22
